GIT
  remote: https://github.com/faker-ruby/faker.git
  revision: 6ba06393f47d4018b5fdbdaaa04eb9891ae5fb55
  specs:
    faker (3.4.2)
      i18n (>= 1.8.11, < 2)

GEM
  remote: https://rubygems.org/
  specs:
    actioncable (7.0.8.4)
      actionpack (= 7.0.8.4)
      activesupport (= 7.0.8.4)
      nio4r (~> 2.0)
      websocket-driver (>= 0.6.1)
    actionmailbox (7.0.8.4)
      actionpack (= 7.0.8.4)
      activejob (= 7.0.8.4)
      activerecord (= 7.0.8.4)
      activestorage (= 7.0.8.4)
      activesupport (= 7.0.8.4)
      mail (>= 2.7.1)
      net-imap
      net-pop
      net-smtp
    actionmailer (7.0.8.4)
      actionpack (= 7.0.8.4)
      actionview (= 7.0.8.4)
      activejob (= 7.0.8.4)
      activesupport (= 7.0.8.4)
      mail (~> 2.5, >= 2.5.4)
      net-imap
      net-pop
      net-smtp
      rails-dom-testing (~> 2.0)
    actionpack (7.0.8.4)
      actionview (= 7.0.8.4)
      activesupport (= 7.0.8.4)
      rack (~> 2.0, >= 2.2.4)
      rack-test (>= 0.6.3)
      rails-dom-testing (~> 2.0)
      rails-html-sanitizer (~> 1.0, >= 1.2.0)
    actiontext (7.0.8.4)
      actionpack (= 7.0.8.4)
      activerecord (= 7.0.8.4)
      activestorage (= 7.0.8.4)
      activesupport (= 7.0.8.4)
      globalid (>= 0.6.0)
      nokogiri (>= 1.8.5)
    actionview (7.0.8.4)
      activesupport (= 7.0.8.4)
      builder (~> 3.1)
      erubi (~> 1.4)
      rails-dom-testing (~> 2.0)
      rails-html-sanitizer (~> 1.1, >= 1.2.0)
    active_link_to (1.0.5)
      actionpack
      addressable
    activejob (7.0.8.4)
      activesupport (= 7.0.8.4)
      globalid (>= 0.3.6)
    activemodel (7.0.8.4)
      activesupport (= 7.0.8.4)
    activerecord (7.0.8.4)
      activemodel (= 7.0.8.4)
      activesupport (= 7.0.8.4)
    activestorage (7.0.8.4)
      actionpack (= 7.0.8.4)
      activejob (= 7.0.8.4)
      activerecord (= 7.0.8.4)
      activesupport (= 7.0.8.4)
      marcel (~> 1.0)
      mini_mime (>= 1.1.0)
    activesupport (7.0.8.4)
      concurrent-ruby (~> 1.0, >= 1.0.2)
      i18n (>= 1.6, < 2)
      minitest (>= 5.1)
      tzinfo (~> 2.0)
    addressable (2.8.7)
      public_suffix (>= 2.0.2, < 7.0)
    ast (2.4.2)
    base64 (0.2.0)
    bcrypt (3.1.20)
    bigdecimal (3.1.8)
    bindex (0.8.1)
    bootsnap (1.18.4)
      msgpack (~> 1.2)
    breadcrumbs_on_rails (4.1.0)
      railties (>= 5.0)
    builder (3.3.0)
    capybara (3.40.0)
      addressable
      matrix
      mini_mime (>= 0.1.3)
      nokogiri (~> 1.11)
      rack (>= 1.6.0)
      rack-test (>= 0.6.3)
      regexp_parser (>= 1.5, < 3.0)
      xpath (~> 3.2)
    childprocess (5.1.0)
      logger (~> 1.5)
    chronic (0.10.2)
    coderay (1.1.3)
    concurrent-ruby (1.3.4)
    connection_pool (2.4.1)
    crass (1.0.6)
    cssbundling-rails (1.4.1)
      railties (>= 6.0.0)
    date (3.3.4)
    debug (1.9.2)
      irb (~> 1.10)
      reline (>= 0.3.8)
    devise (4.9.4)
      bcrypt (~> 3.0)
      orm_adapter (~> 0.1)
      railties (>= 4.1.0)
      responders
      warden (~> 1.2.3)
    diff-lcs (1.5.1)
    dotenv (3.1.4)
    dotenv-rails (3.1.4)
      dotenv (= 3.1.4)
      railties (>= 6.1)
    dry-core (1.0.1)
      concurrent-ruby (~> 1.0)
      zeitwerk (~> 2.6)
    dry-inflector (1.1.0)
    dry-logic (1.5.0)
      concurrent-ruby (~> 1.0)
      dry-core (~> 1.0, < 2)
      zeitwerk (~> 2.6)
    dry-struct (1.6.0)
      dry-core (~> 1.0, < 2)
      dry-types (>= 1.7, < 2)
      ice_nine (~> 0.11)
      zeitwerk (~> 2.6)
    dry-types (1.7.2)
      bigdecimal (~> 3.0)
      concurrent-ruby (~> 1.0)
      dry-core (~> 1.0)
      dry-inflector (~> 1.0)
      dry-logic (~> 1.4)
      zeitwerk (~> 2.6)
    erubi (1.13.0)
    et-orbi (1.2.11)
      tzinfo
    exception-track (1.3.0)
      kaminari (>= 0.15)
      rails (>= 5.2)
    exception_notification (4.5.0)
      actionmailer (>= 5.2, < 8)
      activesupport (>= 5.2, < 8)
    factory_bot (6.5.0)
      activesupport (>= 5.0.0)
    factory_bot_rails (6.4.3)
      factory_bot (~> 6.4)
      railties (>= 5.0.0)
    faraday (2.12.0)
      faraday-net_http (>= 2.0, < 3.4)
      json
      logger
    faraday-multipart (1.0.4)
      multipart-post (~> 2)
    faraday-net_http (3.3.0)
      net-http
    ffi (1.17.0-aarch64-linux-gnu)
    ffi (1.17.0-aarch64-linux-musl)
    ffi (1.17.0-arm-linux-gnu)
    ffi (1.17.0-arm-linux-musl)
    ffi (1.17.0-arm64-darwin)
    ffi (1.17.0-x86-linux-gnu)
    ffi (1.17.0-x86-linux-musl)
    ffi (1.17.0-x86_64-darwin)
    ffi (1.17.0-x86_64-linux-gnu)
    ffi (1.17.0-x86_64-linux-musl)
    fugit (1.11.1)
      et-orbi (~> 1, >= 1.2.11)
      raabro (~> 1.4)
    globalid (1.2.1)
      activesupport (>= 6.1)
    hashie (5.0.0)
    i18n (1.14.6)
      concurrent-ruby (~> 1.0)
    ice_nine (0.11.2)
    io-console (0.7.2)
    irb (1.14.1)
      rdoc (>= 4.0.0)
      reline (>= 0.4.2)
    jbuilder (2.13.0)
      actionview (>= 5.0.0)
      activesupport (>= 5.0.0)
    jsbundling-rails (1.3.1)
      railties (>= 6.0.0)
    json (2.7.2)
    jwt (2.9.3)
      base64
    kaminari (1.2.2)
      activesupport (>= 4.1.0)
      kaminari-actionview (= 1.2.2)
      kaminari-activerecord (= 1.2.2)
      kaminari-core (= 1.2.2)
    kaminari-actionview (1.2.2)
      actionview
      kaminari-core (= 1.2.2)
    kaminari-activerecord (1.2.2)
      activerecord
      kaminari-core (= 1.2.2)
    kaminari-core (1.2.2)
    language_server-protocol (3.17.0.3)
    launchy (3.0.1)
      addressable (~> 2.8)
      childprocess (~> 5.0)
    letter_opener (1.10.0)
      launchy (>= 2.2, < 4)
    logger (1.6.1)
    loofah (2.22.0)
      crass (~> 1.0.2)
      nokogiri (>= 1.12.0)
    mail (2.8.1)
      mini_mime (>= 0.1.1)
      net-imap
      net-pop
      net-smtp
    marcel (1.0.4)
    matrix (0.4.2)
    method_source (1.1.0)
    mini_mime (1.1.5)
    minitest (5.25.1)
    msgpack (1.7.3)
    multi_xml (0.6.0)
    multipart-post (2.4.1)
    net-http (0.4.1)
      uri
    net-imap (0.4.16)
      date
      net-protocol
    net-pop (0.1.2)
      net-protocol
    net-protocol (0.2.2)
      timeout
    net-smtp (0.5.0)
      net-protocol
    nio4r (2.7.3)
    nokogiri (1.16.7-aarch64-linux)
      racc (~> 1.4)
    nokogiri (1.16.7-arm-linux)
      racc (~> 1.4)
    nokogiri (1.16.7-arm64-darwin)
      racc (~> 1.4)
    nokogiri (1.16.7-x86-linux)
      racc (~> 1.4)
    nokogiri (1.16.7-x86_64-darwin)
      racc (~> 1.4)
    nokogiri (1.16.7-x86_64-linux)
      racc (~> 1.4)
    oauth2 (2.0.9)
      faraday (>= 0.17.3, < 3.0)
      jwt (>= 1.0, < 3.0)
      multi_xml (~> 0.5)
      rack (>= 1.2, < 4)
      snaky_hash (~> 2.0)
      version_gem (~> 1.1)
    omniauth (2.1.2)
      hashie (>= 3.4.6)
      rack (>= 2.2.3)
      rack-protection
    omniauth-facebook (10.0.0)
      bigdecimal
      omniauth-oauth2 (>= 1.2, < 3)
    omniauth-google-oauth2 (1.2.0)
      jwt (>= 2.9)
      oauth2 (~> 2.0)
      omniauth (~> 2.0)
      omniauth-oauth2 (~> 1.8)
    omniauth-oauth2 (1.8.0)
      oauth2 (>= 1.4, < 3)
      omniauth (~> 2.0)
    omniauth-test (0.0.11)
      omniauth-oauth2 (~> 1.2)
    orm_adapter (0.5.0)
    pagy (9.1.0)
    parallel (1.26.3)
    parser (3.3.5.0)
      ast (~> 2.4.1)
      racc
    pg (1.5.8)
    pry (0.14.2)
      coderay (~> 1.1)
      method_source (~> 1.0)
    psych (5.1.2)
      stringio
    public_suffix (6.0.1)
    puma (6.4.3)
      nio4r (~> 2.0)
    pundit (2.4.0)
      activesupport (>= 3.0.0)
    raabro (1.4.0)
    racc (1.8.1)
    rack (2.2.9)
    rack-protection (3.2.0)
      base64 (>= 0.1.0)
      rack (~> 2.2, >= 2.2.4)
    rack-test (2.1.0)
      rack (>= 1.3)
    rails (7.0.8.4)
      actioncable (= 7.0.8.4)
      actionmailbox (= 7.0.8.4)
      actionmailer (= 7.0.8.4)
      actionpack (= 7.0.8.4)
      actiontext (= 7.0.8.4)
      actionview (= 7.0.8.4)
      activejob (= 7.0.8.4)
      activemodel (= 7.0.8.4)
      activerecord (= 7.0.8.4)
      activestorage (= 7.0.8.4)
      activesupport (= 7.0.8.4)
      bundler (>= 1.15.0)
      railties (= 7.0.8.4)
    rails-controller-testing (1.0.5)
      actionpack (>= 5.0.1.rc1)
      actionview (>= 5.0.1.rc1)
      activesupport (>= 5.0.1.rc1)
    rails-dom-testing (2.2.0)
      activesupport (>= 5.0.0)
      minitest
      nokogiri (>= 1.6)
    rails-html-sanitizer (1.6.0)
      loofah (~> 2.21)
      nokogiri (~> 1.14)
    rails-i18n (7.0.9)
      i18n (>= 0.7, < 2)
      railties (>= 6.0.0, < 8)
    railties (7.0.8.4)
      actionpack (= 7.0.8.4)
      activesupport (= 7.0.8.4)
      method_source
      rake (>= 12.2)
      thor (~> 1.0)
      zeitwerk (~> 2.5)
    rainbow (3.1.1)
    rake (13.2.1)
    rdoc (6.7.0)
      psych (>= 4.0.0)
    redis (5.3.0)
      redis-client (>= 0.22.0)
    redis-client (0.22.2)
      connection_pool
    regexp_parser (2.9.2)
    reline (0.5.10)
      io-console (~> 0.5)
    responders (3.1.1)
      actionpack (>= 5.2)
      railties (>= 5.2)
    rspec-core (3.13.1)
      rspec-support (~> 3.13.0)
    rspec-expectations (3.13.3)
      diff-lcs (>= 1.2.0, < 2.0)
      rspec-support (~> 3.13.0)
    rspec-mocks (3.13.2)
      diff-lcs (>= 1.2.0, < 2.0)
      rspec-support (~> 3.13.0)
    rspec-rails (7.0.1)
      actionpack (>= 7.0)
      activesupport (>= 7.0)
      railties (>= 7.0)
      rspec-core (~> 3.13)
      rspec-expectations (~> 3.13)
      rspec-mocks (~> 3.13)
      rspec-support (~> 3.13)
    rspec-support (3.13.1)
    rubocop (1.66.1)
      json (~> 2.3)
      language_server-protocol (>= 3.17.0)
      parallel (~> 1.10)
      parser (>= 3.3.0.2)
      rainbow (>= 2.2.2, < 4.0)
      regexp_parser (>= 2.4, < 3.0)
      rubocop-ast (>= 1.32.2, < 2.0)
      ruby-progressbar (~> 1.7)
      unicode-display_width (>= 2.4.0, < 3.0)
    rubocop-ast (1.32.3)
      parser (>= 3.3.1.0)
    ruby-progressbar (1.13.0)
    sassc (2.4.0)
      ffi (~> 1.9)
    sassc-rails (2.1.2)
      railties (>= 4.0.0)
      sassc (>= 2.0)
      sprockets (> 3.0)
      sprockets-rails
      tilt
    shoulda-matchers (6.4.0)
      activesupport (>= 5.2.0)
    sidekiq (7.3.2)
      concurrent-ruby (< 2)
      connection_pool (>= 2.3.0)
      logger
      rack (>= 2.2.4)
      redis-client (>= 0.22.2)
    sidekiq-cron (1.12.0)
      fugit (~> 1.8)
      globalid (>= 1.0.1)
      sidekiq (>= 6)
    snaky_hash (2.0.1)
      hashie
      version_gem (~> 1.1, >= 1.1.1)
    sprockets (4.2.1)
      concurrent-ruby (~> 1.0)
      rack (>= 2.2.4, < 4)
    sprockets-rails (3.5.2)
      actionpack (>= 6.1)
      activesupport (>= 6.1)
      sprockets (>= 3.0.0)
    stimulus-rails (1.3.4)
      railties (>= 6.0.0)
    stringio (3.1.1)
    telegram-bot-ruby (1.0.0)
      dry-struct (~> 1.6)
      faraday (~> 2.0)
      faraday-multipart (~> 1.0)
      zeitwerk (~> 2.6)
    thor (1.3.2)
    tilt (2.4.0)
    timeout (0.4.1)
    turbo-rails (2.0.10)
      actionpack (>= 6.0.0)
      railties (>= 6.0.0)
    tzinfo (2.0.6)
      concurrent-ruby (~> 1.0)
    unicode-display_width (2.6.0)
    uri (0.13.1)
    version_gem (1.1.4)
    warden (1.2.9)
      rack (>= 2.0.9)
    web-console (4.2.1)
      actionview (>= 6.0.0)
      activemodel (>= 6.0.0)
      bindex (>= 0.4.0)
      railties (>= 6.0.0)
    websocket-driver (0.7.6)
      websocket-extensions (>= 0.1.0)
    websocket-extensions (0.1.5)
    whenever (1.0.0)
      chronic (>= 0.6.3)
    xpath (3.2.0)
      nokogiri (~> 1.8)
    zeitwerk (2.6.18)

PLATFORMS
  aarch64-linux
  aarch64-linux-gnu
  aarch64-linux-musl
  arm-linux
  arm-linux-gnu
  arm-linux-musl
  arm64-darwin
  x86-linux
  x86-linux-gnu
  x86-linux-musl
  x86_64-darwin
  x86_64-linux
  x86_64-linux-gnu
  x86_64-linux-musl

DEPENDENCIES
  active_link_to
  bcrypt
  bootsnap
  breadcrumbs_on_rails
  capybara
  cssbundling-rails
  debug
  devise
  dotenv-rails
  exception-track (~> 1.3)
  exception_notification (~> 4.5)
  factory_bot
  factory_bot_rails
  faker!
  jbuilder
  jsbundling-rails
  letter_opener
  omniauth
  omniauth-facebook
  omniauth-google-oauth2
  omniauth-test
  pagy
  pg
  pry
  puma
  pundit
  rails (= 7.0.8.4)
  rails-controller-testing
  rails-i18n
  redis
  rspec-rails
  rubocop
  sassc-rails
  shoulda-matchers
  sidekiq
  sidekiq-cron
  sprockets-rails
  stimulus-rails
  telegram-bot-ruby (~> 1.0)
  turbo-rails
  web-console
  whenever

RUBY VERSION
   ruby 3.1.0p0

BUNDLED WITH
   2.5.21
